GEM
  remote: https://rubygems.org/
  specs:
    coderay (1.1.3)
    cpf_cnpj (0.5.0)
    method_source (1.0.0)
    os (1.1.4)
    pry (0.14.2)
      coderay (~> 1.1)
      method_source (~> 1.0)

PLATFORMS
  ruby
  x86_64-linux

DEPENDENCIES
  cpf_cnpj (= 0.5.0)
  os
  pry

BUNDLED WITH
   2.5.4
